{
	"Modality": "MR",
	"MagneticFieldStrength": 3,
	"ImagingFrequency": 123.243,
	"Manufacturer": "Siemens",
	"ManufacturersModelName": "TrioTim",
	"InstitutionName": "Freie_Universitaet",
	"InstitutionalDepartmentName": "Department",
	"InstitutionAddress": "Habelschwerdter_Allee_45_Berlin_District_DE_14195",
	"DeviceSerialNumber": "35370",
	"StationName": "MRC35370",
	"PatientPosition": "HFS",
	"ProcedureStepDescription": "Projekte_fMRI_12ch_localizer",
	"SoftwareVersions": "syngo_MR_B17",
	"MRAcquisitionType": "2D",
	"SeriesDescription": "gre_field_mapping",
	"ProtocolName": "gre_field_mapping",
	"ScanningSequence": "GR",
	"SequenceVariant": "SP",
	"SequenceName": "_fm2d2r",
	"ImageType": ["ORIGINAL", "PRIMARY", "M", "ND"],
	"SeriesNumber": 2,
	"AcquisitionTime": "12:05:51.937500",
	"AcquisitionNumber": 1,
	"SliceThickness": 3,
	"SpacingBetweenSlices": 3.3,
	"SAR": 0.170609,
	"EchoNumber": 2,
	"EchoTime": 0.00738,
	"RepetitionTime": 0.488,
	"FlipAngle": 60,
	"PartialFourier": 1,
	"BaseResolution": 64,
	"ShimSetting": [
		-6816,
		-5552,
		-10627,
		610,
		624,
		1660,
		44,
		118	],
	"TxRefAmp": 285.561,
	"PhaseResolution": 1,
	"ReceiveCoilName": "HeadMatrix",
	"CoilString": "C:HEA;HEP",
	"PulseSequenceDetails": "%SiemensSeq%_gre_field_mapping",
	"PercentPhaseFOV": 100,
	"PhaseEncodingSteps": 64,
	"AcquisitionMatrixPE": 64,
	"ReconMatrixPE": 64,
	"PixelBandwidth": 260,
	"DwellTime": 3e-05,
	"PhaseEncodingDirection": "i",
	"SliceTiming": [
		0,
		0.25,
		0.01562,
		0.26562,
		0.02344,
		0.28125,
		0.03906,
		0.28906,
		0.05469,
		0.30469,
		0.0625,
		0.32031,
		0.07812,
		0.32812,
		0.09375,
		0.34375,
		0.10156,
		0.35938,
		0.11719,
		0.36719,
		0.13281,
		0.38281,
		0.14844,
		0.39844,
		0.15625,
		0.40625,
		0.17188,
		0.42188,
		0.1875,
		0.4375,
		0.19531,
		0.45312,
		0.21094,
		0.46094,
		0.22656,
		0.47656,
		0.23438	],
	"ImageOrientationPatientDICOM": [
		0.999995,
		0.00318589,
		0.000682911,
		-0.00313235,
		0.997701,
		-0.0676932	],
	"InPlanePhaseEncodingDirectionDICOM": "ROW",
	"ConversionSoftware": "dcm2niix",
	"ConversionSoftwareVersion": "v1.0.20190902"
}
