{
	"Modality": "MR",
	"MagneticFieldStrength": 3,
	"ImagingFrequency": 123.243,
	"Manufacturer": "Siemens",
	"ManufacturersModelName": "TrioTim",
	"InstitutionName": "D.I.N.E",
	"InstitutionalDepartmentName": "Department",
	"InstitutionAddress": "Habelschwerdter_Allee_45_Berlin_District_DE_14195",
	"DeviceSerialNumber": "35370",
	"StationName": "MRC35370",
	"PatientPosition": "HFS",
	"ProcedureStepDescription": "Projekte_fMRI_12ch_localizer",
	"SoftwareVersions": "syngo_MR_B17",
	"MRAcquisitionType": "2D",
	"SeriesDescription": "gre_field_mapping",
	"ProtocolName": "gre_field_mapping",
	"ScanningSequence": "GR",
	"SequenceVariant": "SP",
	"SequenceName": "_fm2d2r",
	"ImageType": ["ORIGINAL", "PRIMARY", "M", "ND"],
	"SeriesNumber": 2,
	"AcquisitionTime": "14:03:33.017500",
	"AcquisitionNumber": 1,
	"SliceThickness": 3,
	"SpacingBetweenSlices": 3.3,
	"SAR": 0.175531,
	"EchoNumber": 2,
	"EchoTime": 0.00738,
	"RepetitionTime": 0.488,
	"FlipAngle": 60,
	"PartialFourier": 1,
	"BaseResolution": 64,
	"ShimSetting": [
		-6775,
		-5595,
		-10693,
		208,
		607,
		1012,
		29,
		48	],
	"TxRefAmp": 329.26,
	"PhaseResolution": 1,
	"ReceiveCoilName": "HeadMatrix",
	"CoilString": "C:HEA;HEP",
	"PulseSequenceDetails": "%SiemensSeq%_gre_field_mapping",
	"PercentPhaseFOV": 100,
	"PhaseEncodingSteps": 64,
	"AcquisitionMatrixPE": 64,
	"ReconMatrixPE": 64,
	"PixelBandwidth": 260,
	"DwellTime": 3e-05,
	"PhaseEncodingDirection": "i",
	"SliceTiming": [
		0,
		0.25,
		0.01562,
		0.26562,
		0.03125,
		0.28125,
		0.04688,
		0.29688,
		0.0625,
		0.3125,
		0.0625,
		0.3125,
		0.07812,
		0.32812,
		0.09375,
		0.34375,
		0.10938,
		0.35938,
		0.125,
		0.375,
		0.14062,
		0.39062,
		0.15625,
		0.40625,
		0.15625,
		0.40625,
		0.17188,
		0.42188,
		0.1875,
		0.4375,
		0.20312,
		0.45312,
		0.21875,
		0.46875,
		0.23438,
		0.48438,
		0.23438	],
	"ImageOrientationPatientDICOM": [
		0.999995,
		0.00321265,
		0.000543294,
		-0.00313235,
		0.993799,
		-0.111148	],
	"InPlanePhaseEncodingDirectionDICOM": "ROW",
	"ConversionSoftware": "dcm2niix",
	"ConversionSoftwareVersion": "v1.0.20190902"
}
