{
	"Modality": "MR",
	"MagneticFieldStrength": 3,
	"ImagingFrequency": 123.243,
	"Manufacturer": "Siemens",
	"ManufacturersModelName": "TrioTim",
	"InstitutionName": "D.I.N.E",
	"InstitutionalDepartmentName": "Department",
	"InstitutionAddress": "Habelschwerdter_Allee_45_Berlin_District_DE_14195",
	"DeviceSerialNumber": "35370",
	"StationName": "MRC35370",
	"PatientPosition": "HFS",
	"ProcedureStepDescription": "Projekte_fMRI_12ch_localizer",
	"SoftwareVersions": "syngo_MR_B17",
	"MRAcquisitionType": "2D",
	"SeriesDescription": "NIN_EPI_3x3x3_TR2000_sentence_215",
	"ProtocolName": "NIN_EPI_3x3x3_TR2000_sentence_215",
	"ScanningSequence": "EP",
	"SequenceVariant": "SK",
	"ScanOptions": "FS",
	"SequenceName": "ninepbo2d1_64",
	"ImageType": ["ORIGINAL", "PRIMARY", "M", "ND", "MOSAIC"],
	"SeriesNumber": 5,
	"AcquisitionTime": "14:45:18.715000",
	"AcquisitionNumber": 1,
	"SliceThickness": 3,
	"SpacingBetweenSlices": 3.3,
	"SAR": 0.135695,
	"EchoTime": 0.03,
	"RepetitionTime": 2,
	"FlipAngle": 70,
	"PartialFourier": 1,
	"BaseResolution": 64,
	"ShimSetting": [
		-6782,
		-5516,
		-10679,
		325,
		695,
		1370,
		134,
		124	],
	"TxRefAmp": 347.38,
	"PhaseResolution": 1,
	"ReceiveCoilName": "HeadMatrix",
	"CoilString": "T:HEA;HEP",
	"PulseSequenceDetails": "%CustomerSeq%_nin_ep2d_bold_v5a",
	"RefLinesPE": 24,
	"PercentPhaseFOV": 100,
	"PhaseEncodingSteps": 63,
	"AcquisitionMatrixPE": 64,
	"ReconMatrixPE": 64,
	"BandwidthPerPixelPhaseEncode": 58.962,
	"ParallelReductionFactorInPlane": 2,
	"EffectiveEchoSpacing": 0.000265001,
	"DerivedVendorReportedEchoSpacing": 0.000530002,
	"TotalReadoutTime": 0.0166951,
	"PixelBandwidth": 2232,
	"DwellTime": 3.5e-06,
	"PhaseEncodingDirection": "j-",
	"SliceTiming": [
		0,
		1.0325,
		0.055,
		1.0875,
		0.11,
		1.14,
		0.165,
		1.195,
		0.2175,
		1.25,
		0.2725,
		1.3025,
		0.3275,
		1.3575,
		0.38,
		1.4125,
		0.435,
		1.4675,
		0.49,
		1.52,
		0.545,
		1.575,
		0.5975,
		1.63,
		0.6525,
		1.6825,
		0.7075,
		1.7375,
		0.76,
		1.7925,
		0.815,
		1.8475,
		0.87,
		1.9,
		0.9225,
		1.955,
		0.9775	],
	"ImageOrientationPatientDICOM": [
		0.999944,
		0.010037,
		0.00323866,
		-0.00872632,
		0.959844,
		-0.280398	],
	"InPlanePhaseEncodingDirectionDICOM": "COL",
	"ConversionSoftware": "dcm2niix",
	"ConversionSoftwareVersion": "v1.0.20190902"
}
