{
	"Modality": "MR",
	"MagneticFieldStrength": 3,
	"ImagingFrequency": 123.243,
	"Manufacturer": "Siemens",
	"ManufacturersModelName": "TrioTim",
	"InstitutionName": "D.I.N.E",
	"InstitutionalDepartmentName": "Department",
	"InstitutionAddress": "Habelschwerdter_Allee_45_Berlin_District_DE_14195",
	"DeviceSerialNumber": "35370",
	"StationName": "MRC35370",
	"PatientPosition": "HFS",
	"ProcedureStepDescription": "Projekte_fMRI_12ch_localizer",
	"SoftwareVersions": "syngo_MR_B17",
	"MRAcquisitionType": "2D",
	"SeriesDescription": "gre_field_mapping",
	"ProtocolName": "gre_field_mapping",
	"ScanningSequence": "GR",
	"SequenceVariant": "SP",
	"SequenceName": "_fm2d2r",
	"ImageType": ["ORIGINAL", "PRIMARY", "P", "ND"],
	"SeriesNumber": 3,
	"AcquisitionTime": "09:14:45.627500",
	"AcquisitionNumber": 1,
	"SliceThickness": 3,
	"SpacingBetweenSlices": 3.3,
	"SAR": 0.206158,
	"EchoNumber": 2,
	"EchoTime1": 0.00492,
  "EchoTime2": 0.00738,
	"RepetitionTime": 0.488,
	"FlipAngle": 60,
	"PartialFourier": 1,
	"BaseResolution": 64,
	"ShimSetting": [
		-6763,
		-5498,
		-10731,
		361,
		720,
		1512,
		165,
		74	],
	"TxRefAmp": 297.462,
	"PhaseResolution": 1,
	"ReceiveCoilName": "HeadMatrix",
	"CoilString": "C:HEA;HEP",
	"PulseSequenceDetails": "%SiemensSeq%_gre_field_mapping",
	"PercentPhaseFOV": 100,
	"PhaseEncodingSteps": 64,
	"AcquisitionMatrixPE": 64,
	"ReconMatrixPE": 64,
	"PixelBandwidth": 260,
	"DwellTime": 3e-05,
	"PhaseEncodingDirection": "i",
	"SliceTiming": [
		0,
		0.25781,
		0.01562,
		0.26562,
		0.03125,
		0.28125,
		0.03906,
		0.29688,
		0.05469,
		0.30469,
		0.07031,
		0.32031,
		0.08594,
		0.33594,
		0.09375,
		0.34375,
		0.10938,
		0.35938,
		0.125,
		0.375,
		0.13281,
		0.39062,
		0.14844,
		0.39844,
		0.16406,
		0.41406,
		0.17188,
		0.42969,
		0.1875,
		0.4375,
		0.20312,
		0.45312,
		0.21875,
		0.46875,
		0.22656,
		0.47656,
		0.24219	],
	"ImageOrientationPatientDICOM": [
		0.999436,
		0.00944931,
		0.0322343,
		-0.0031306,
		0.981644,
		-0.190698	],
	"InPlanePhaseEncodingDirectionDICOM": "ROW",
	"ConversionSoftware": "dcm2niix",
	"ConversionSoftwareVersion": "v1.0.20190902"
}
