{
	"Modality": "MR",
	"MagneticFieldStrength": 3,
	"ImagingFrequency": 123.243,
	"Manufacturer": "Siemens",
	"ManufacturersModelName": "TrioTim",
	"InstitutionName": "Freie_Universitaet",
	"InstitutionalDepartmentName": "Department",
	"InstitutionAddress": "Habelschwerdter_Allee_45_Berlin_District_DE_14195",
	"DeviceSerialNumber": "35370",
	"StationName": "MRC35370",
	"PatientPosition": "HFS",
	"ProcedureStepDescription": "Projekte_fMRI_12ch_localizer",
	"SoftwareVersions": "syngo_MR_B17",
	"MRAcquisitionType": "3D",
	"SeriesDescription": "t1_mpr_1x1x1_176",
	"ProtocolName": "t1_mpr_1x1x1_176",
	"ScanningSequence": "GR_IR",
	"SequenceVariant": "SP_MP",
	"ScanOptions": "IR",
	"SequenceName": "_tfl3d1_ns",
	"ImageType": ["ORIGINAL", "PRIMARY", "M", "ND", "NORM"],
	"SeriesNumber": 6,
	"AcquisitionTime": "11:19:39.265000",
	"AcquisitionNumber": 1,
	"SliceThickness": 1,
	"SAR": 0.1199,
	"EchoTime": 0.00252,
	"RepetitionTime": 1.9,
	"InversionTime": 0.9,
	"FlipAngle": 9,
	"PartialFourier": 1,
	"BaseResolution": 256,
	"ShimSetting": [
		-6850,
		-5669,
		-10872,
		54,
		533,
		637,
		394,
		184	],
	"TxRefAmp": 303.017,
	"PhaseResolution": 1,
	"ReceiveCoilName": "HeadMatrix",
	"CoilString": "T:HEA;HEP",
	"PulseSequenceDetails": "%SiemensSeq%_tfl",
	"RefLinesPE": 24,
	"PercentPhaseFOV": 100,
	"PhaseEncodingSteps": 255,
	"AcquisitionMatrixPE": 256,
	"ReconMatrixPE": 256,
	"ParallelReductionFactorInPlane": 2,
	"PixelBandwidth": 170,
	"DwellTime": 1.15e-05,
	"ImageOrientationPatientDICOM": [
		0.000158336,
		0.999994,
		0.003487,
		-0.0453627,
		0.0034906,
		-0.998964	],
	"InPlanePhaseEncodingDirectionDICOM": "ROW",
	"ConversionSoftware": "dcm2niix",
	"ConversionSoftwareVersion": "v1.0.20190902"
}
