{
	"Modality": "MR",
	"MagneticFieldStrength": 3,
	"ImagingFrequency": 123.243,
	"Manufacturer": "Siemens",
	"ManufacturersModelName": "TrioTim",
	"InstitutionName": "Freie_Universitaet",
	"InstitutionalDepartmentName": "Department",
	"InstitutionAddress": "Habelschwerdter_Allee_45_Berlin_District_DE_14195",
	"DeviceSerialNumber": "35370",
	"StationName": "MRC35370",
	"PatientPosition": "HFS",
	"ProcedureStepDescription": "Projekte_fMRI_12ch_localizer",
	"SoftwareVersions": "syngo_MR_B17",
	"MRAcquisitionType": "3D",
	"SeriesDescription": "t1_mpr_1x1x1_176",
	"ProtocolName": "t1_mpr_1x1x1_176",
	"ScanningSequence": "GR_IR",
	"SequenceVariant": "SP_MP",
	"ScanOptions": "IR",
	"SequenceName": "_tfl3d1_ns",
	"ImageType": ["ORIGINAL", "PRIMARY", "M", "ND", "NORM"],
	"SeriesNumber": 6,
	"AcquisitionTime": "16:20:50.407500",
	"AcquisitionNumber": 1,
	"SliceThickness": 1,
	"SAR": 0.120217,
	"EchoTime": 0.00252,
	"RepetitionTime": 1.9,
	"InversionTime": 0.9,
	"FlipAngle": 9,
	"PartialFourier": 1,
	"BaseResolution": 256,
	"ShimSetting": [
		-6822,
		-5721,
		-10833,
		84,
		606,
		605,
		357,
		98	],
	"TxRefAmp": 301.1,
	"PhaseResolution": 1,
	"ReceiveCoilName": "HeadMatrix",
	"CoilString": "T:HEA;HEP",
	"PulseSequenceDetails": "%SiemensSeq%_tfl",
	"RefLinesPE": 24,
	"PercentPhaseFOV": 100,
	"PhaseEncodingSteps": 255,
	"AcquisitionMatrixPE": 256,
	"ReconMatrixPE": 256,
	"ParallelReductionFactorInPlane": 2,
	"PixelBandwidth": 170,
	"DwellTime": 1.15e-05,
	"ImageOrientationPatientDICOM": [
		3.04585e-05,
		0.999998,
		0.00174505,
		-0.0174524,
		0.00174532,
		-0.999846	],
	"InPlanePhaseEncodingDirectionDICOM": "ROW",
	"ConversionSoftware": "dcm2niix",
	"ConversionSoftwareVersion": "v1.0.20190902"
}
